GIT
  remote: https://bitbucket.org/nousteam/sistema-ruby.git
  revision: d586dd1f95b8912cc3c1ed8ef5b8b0b77dfa669f
  specs:
    sistema (0.2.3)
      activesupport (= 5.1.2)
      httparty (= 0.14.0)

GEM
  remote: https://rubygems.org/
  specs:
    activesupport (5.1.2)
      concurrent-ruby (~> 1.0, >= 1.0.2)
      i18n (~> 0.7)
      minitest (~> 5.1)
      tzinfo (~> 1.1)
    coderay (1.1.1)
    concurrent-ruby (1.0.5)
    dotenv (2.2.1)
    httparty (0.14.0)
      multi_xml (>= 0.5.2)
    i18n (0.8.6)
    method_source (0.8.2)
    minitest (5.10.3)
    multi_xml (0.6.0)
    pry (0.10.4)
      coderay (~> 1.1.0)
      method_source (~> 0.8.1)
      slop (~> 3.4)
    rubyzip (1.1.7)
    slop (3.6.0)
    thread_safe (0.3.6)
    tzinfo (1.2.3)
      thread_safe (~> 0.1)

PLATFORMS
  ruby

DEPENDENCIES
  dotenv
  pry
  rubyzip
  sistema!

RUBY VERSION
   ruby 2.2.2p95

BUNDLED WITH
   1.15.3
